PATH
  remote: .
  specs:
    fluent-plugin-logdna (0.2.3)
      fluentd (>= 0.12.0, < 2)
      http (~> 2.0, >= 2.0.3)

GEM
  remote: https://rubygems.org/
  specs:
    addressable (2.7.0)
      public_suffix (>= 2.0.2, < 5.0)
    concurrent-ruby (1.1.6)
    cool.io (1.6.0)
    domain_name (0.5.20190701)
      unf (>= 0.0.5, < 1.0.0)
    fluentd (0.12.43)
      cool.io (>= 1.2.2, < 2.0.0)
      http_parser.rb (>= 0.5.1, < 0.7.0)
      json (>= 1.4.3)
      msgpack (>= 0.5.11, < 2)
      sigdump (~> 0.2.2)
      string-scrub (>= 0.0.3, <= 0.0.5)
      tzinfo (>= 1.0.0)
      tzinfo-data (>= 1.0.0)
      yajl-ruby (~> 1.0)
    http (2.2.2)
      addressable (~> 2.3)
      http-cookie (~> 1.0)
      http-form_data (~> 1.0.1)
      http_parser.rb (~> 0.6.0)
    http-cookie (1.0.3)
      domain_name (~> 0.5)
    http-form_data (1.0.3)
    http_parser.rb (0.6.0)
    json (2.3.0)
    msgpack (1.3.3)
    public_suffix (2.0.5)
    rake (12.3.3)
    sigdump (0.2.4)
    string-scrub (0.0.5)
    tzinfo (2.0.1)
      concurrent-ruby (~> 1.0)
    tzinfo-data (1.2019.3)
      tzinfo (>= 1.0.0)
    unf (0.1.4)
      unf_ext
    unf_ext (0.0.7.6)
    yajl-ruby (1.4.1)

PLATFORMS
  ruby

DEPENDENCIES
  bundler (~> 1.16)
  fluent-plugin-logdna!
  rake (~> 12.3)

BUNDLED WITH
   1.16.0
